NUGET
  remote: http://nuget.org/api/v2
  specs:
    Castle.Core (3.1.0)
    Fixie (1.0.0.29)
    Moq (4.0.10827)
    RhinoMocks (3.6.1)
    Shouldly (2.5.0)
    Storyteller (3.0.0.263-alpha)
